PATH
  remote: .
  specs:
    xcake (0.6.23)
      activesupport (< 5)
      claide (>= 0.9.1, < 2.0)
      cork
      hooks (~> 0.4.1)
      xcodeproj (>= 0.20, < 2.0.0)

GEM
  remote: https://rubygems.org/
  specs:
    activesupport (4.2.6)
      i18n (~> 0.7)
      json (~> 1.7, >= 1.7.7)
      minitest (~> 5.1)
      thread_safe (~> 0.3, >= 0.3.4)
      tzinfo (~> 1.1)
    ast (2.3.0)
    claide (1.0.0)
    coderay (1.1.1)
    colored (1.2)
    cork (0.1.0)
      colored (~> 1.2)
    coveralls (0.8.14)
      json (>= 1.8, < 3)
      simplecov (~> 0.12.0)
      term-ansicolor (~> 1.3)
      thor (~> 0.19.1)
      tins (~> 1.6.0)
    diff-lcs (1.2.5)
    docile (1.1.5)
    hooks (0.4.1)
      uber (~> 0.0.14)
    i18n (0.7.0)
    json (1.8.3)
    method_source (0.8.2)
    minitest (5.9.0)
    parser (2.3.1.2)
      ast (~> 2.2)
    powerpack (0.1.1)
    pry (0.10.3)
      coderay (~> 1.1.0)
      method_source (~> 0.8.1)
      slop (~> 3.4)
    rainbow (2.1.0)
    rake (10.5.0)
    rspec (3.4.0)
      rspec-core (~> 3.4.0)
      rspec-expectations (~> 3.4.0)
      rspec-mocks (~> 3.4.0)
    rspec-core (3.4.4)
      rspec-support (~> 3.4.0)
    rspec-expectations (3.4.0)
      diff-lcs (>= 1.2.0, < 2.0)
      rspec-support (~> 3.4.0)
    rspec-mocks (3.4.1)
      diff-lcs (>= 1.2.0, < 2.0)
      rspec-support (~> 3.4.0)
    rspec-support (3.4.1)
    rubocop (0.41.1)
      parser (>= 2.3.1.1, < 3.0)
      powerpack (~> 0.1)
      rainbow (>= 1.99.1, < 3.0)
      ruby-progressbar (~> 1.7)
      unicode-display_width (~> 1.0, >= 1.0.1)
    rubocop-git (0.1.1)
      rubocop (>= 0.24.1)
    ruby-progressbar (1.8.1)
    simplecov (0.12.0)
      docile (~> 1.1.0)
      json (>= 1.8, < 3)
      simplecov-html (~> 0.10.0)
    simplecov-html (0.10.0)
    slop (3.6.0)
    term-ansicolor (1.3.2)
      tins (~> 1.0)
    thor (0.19.1)
    thread_safe (0.3.5)
    tins (1.6.0)
    tzinfo (1.2.2)
      thread_safe (~> 0.1)
    uber (0.0.15)
    unicode-display_width (1.1.0)
    xcodeproj (1.1.0)
      activesupport (>= 3)
      claide (>= 1.0.0, < 2.0)
      colored (~> 1.2)
    yard (0.9.0)

PLATFORMS
  ruby

DEPENDENCIES
  bundler (~> 1.10)
  coveralls (~> 0.8)
  pry (~> 0.10)
  rake (~> 10.0)
  rspec (~> 3.4.0)
  rubocop-git (~> 0.1.1)
  xcake!
  yard (~> 0.8)

BUNDLED WITH
   1.12.5
